PATH
  remote: .
  specs:
    android-adb-extension (0.0.2)
      to_boolean (~> 1.0)

GEM
  remote: https://rubygems.org/
  specs:
    ansi (1.4.3)
    ast (2.0.0)
    astrolabe (1.3.0)
      parser (>= 2.2.0.pre.3, < 3.0)
    builder (3.2.2)
    minitest (5.4.2)
    minitest-reporters (1.0.5)
      ansi
      builder
      minitest (>= 5.0)
      ruby-progressbar
    parser (2.2.0.pre.5)
      ast (>= 1.1, < 3.0)
      slop (~> 3.4, >= 3.4.5)
    powerpack (0.0.9)
    rainbow (2.0.0)
    rake (10.3.2)
    rubocop (0.26.1)
      astrolabe (~> 1.3)
      parser (>= 2.2.0.pre.4, < 3.0)
      powerpack (~> 0.0.6)
      rainbow (>= 1.99.1, < 3.0)
      ruby-progressbar (~> 1.4)
    ruby-progressbar (1.6.0)
    slop (3.6.0)
    to_boolean (1.0.2)

PLATFORMS
  ruby

DEPENDENCIES
  android-adb-extension!
  minitest (~> 5.4)
  minitest-reporters (~> 1.0)
  rake (~> 10.3)
  rubocop (~> 0.26)
